PATH
  remote: .
  specs:
    isbnranges (0.1.0)

GEM
  remote: https://rubygems.org/
  specs:
    diff-lcs (1.5.1)
    nokogiri (1.16.7-x64-mingw-ucrt)
      racc (~> 1.4)
    racc (1.8.1)
    rake (13.2.1)
    rspec (3.13.0)
      rspec-core (~> 3.13.0)
      rspec-expectations (~> 3.13.0)
      rspec-mocks (~> 3.13.0)
    rspec-core (3.13.0)
      rspec-support (~> 3.13.0)
    rspec-expectations (3.13.1)
      diff-lcs (>= 1.2.0, < 2.0)
      rspec-support (~> 3.13.0)
    rspec-mocks (3.13.1)
      diff-lcs (>= 1.2.0, < 2.0)
      rspec-support (~> 3.13.0)
    rspec-support (3.13.1)

PLATFORMS
  x64-mingw-ucrt

DEPENDENCIES
  isbnranges!
  nokogiri
  rake (~> 13.0)
  rspec (~> 3.0)

BUNDLED WITH
   2.5.9
